PATH
  remote: .
  specs:
    ctf-party (1.2.0)

GEM
  remote: https://rubygems.org/
  specs:
    ast (2.4.0)
    commonmarker (0.21.0)
      ruby-enum (~> 0.5)
    concurrent-ruby (1.1.5)
    github-markup (3.0.4)
    i18n (1.8.2)
      concurrent-ruby (~> 1.0)
    jaro_winkler (1.5.4)
    minitest (5.14.0)
    parallel (1.19.1)
    parser (2.7.1.1)
      ast (~> 2.4.0)
    rainbow (3.0.0)
    rake (13.0.1)
    redcarpet (3.5.0)
    rexml (3.2.4)
    rubocop (0.82.0)
      jaro_winkler (~> 1.5.1)
      parallel (~> 1.10)
      parser (>= 2.7.0.1)
      rainbow (>= 2.2.2, < 4.0)
      rexml
      ruby-progressbar (~> 1.7)
      unicode-display_width (>= 1.4.0, < 2.0)
    ruby-enum (0.7.2)
      i18n
    ruby-progressbar (1.10.1)
    unicode-display_width (1.7.0)
    yard (0.9.24)

PLATFORMS
  ruby

DEPENDENCIES
  bundler (~> 2.1)
  commonmarker (~> 0.20)
  ctf-party!
  github-markup (~> 3.0)
  minitest (~> 5)
  rake (~> 13.0)
  redcarpet (~> 3.5)
  rubocop (~> 0.80)
  yard (~> 0.9)

BUNDLED WITH
   2.1.4
